GEM
  remote: https://rubygems.org/
  specs:
    minitest (5.11.3)
    mustermann (1.0.2)
    rack (2.0.5)
    rack-protection (2.0.1)
      rack
    rack-test (1.0.0)
      rack (>= 1.0, < 3)
    rake (12.3.1)
    sequel (5.8.0)
    sinatra (2.0.1)
      mustermann (~> 1.0)
      rack (~> 2.0)
      rack-protection (= 2.0.1)
      tilt (~> 2.0)
    sqlite3 (1.3.13)
    tilt (2.0.8)

PLATFORMS
  ruby

DEPENDENCIES
  minitest
  rack-test
  rake
  sequel
  sinatra
  sqlite3

BUNDLED WITH
   1.16.1
