GEM
  remote: https://rubygems.org/
  specs:
    minitest (5.13.0)
    mustermann (1.1.1)
      ruby2_keywords (~> 0.0.1)
    rack (2.0.8)
    rack-protection (2.0.8.1)
      rack
    rack-test (1.1.0)
      rack (>= 1.0, < 3)
    rake (13.0.1)
    ruby2_keywords (0.0.2)
    sequel (5.28.0)
    sinatra (2.0.8.1)
      mustermann (~> 1.0)
      rack (~> 2.0)
      rack-protection (= 2.0.8.1)
      tilt (~> 2.0)
    sqlite3 (1.4.2)
    tilt (2.0.10)

PLATFORMS
  ruby

DEPENDENCIES
  minitest
  rack (>= 2.0.8)
  rack-test
  rake
  sequel
  sinatra
  sqlite3

BUNDLED WITH
   2.1.2
